GIT
  remote: git@github.com:Raven24/diaspora-federation.git
  revision: e0e5cfdc6ea8b8581c6aeb5a661f9b009640a0ef
  specs:
    diaspora-federation (0.0.1pre)
      nokogiri (~> 1.6.0)
      valid (~> 0.3.1)

GEM
  remote: https://rubygems.org/
  specs:
    builder (3.2.2)
    cucumber (1.3.6)
      builder (>= 2.1.2)
      diff-lcs (>= 1.1.3)
      gherkin (~> 2.12.0)
      multi_json (~> 1.7.5)
      multi_test (>= 0.0.2)
    diff-lcs (1.2.4)
    gherkin (2.12.1)
      multi_json (~> 1.3)
    mime-types (1.24)
    mini_portile (0.5.1)
    multi_json (1.7.9)
    multi_test (0.0.2)
    nokogiri (1.6.0)
      mini_portile (~> 0.5.0)
    rest-client (1.6.7)
      mime-types (>= 1.16)
    valid (0.3.1)

PLATFORMS
  ruby

DEPENDENCIES
  cucumber (= 1.3.6)
  diaspora-federation!
  nokogiri
  rest-client (= 1.6.7)
